GIT
  remote: https://github.com/premailer/css_parser.git
  revision: 595922d86802b7a794ce266cbad48ae0098b7306
  specs:
    css_parser (1.7.0)
      addressable

PATH
  remote: .
  specs:
    premailer (1.11.1)
      addressable
      css_parser (>= 1.6.0)
      htmlentities (>= 4.0.0)

GEM
  remote: https://rubygems.org/
  specs:
    addressable (2.7.0)
      public_suffix (>= 2.0.2, < 5.0)
    coderay (1.1.2)
    coveralls (0.8.23)
      json (>= 1.8, < 3)
      simplecov (~> 0.16.1)
      term-ansicolor (~> 1.3)
      thor (>= 0.19.4, < 2.0)
      tins (~> 1.6)
    crack (0.4.3)
      safe_yaml (~> 1.0.0)
    docile (1.3.2)
    hashdiff (1.0.0)
    htmlentities (4.3.4)
    json (2.2.0)
    maxitest (3.3.0)
      minitest (>= 5.0.0, < 5.12.0)
    method_source (0.9.2)
    mini_portile2 (2.3.0)
    minitest (5.11.3)
    nokogiri (1.8.5)
      mini_portile2 (~> 2.3.0)
    nokogumbo (2.0.1)
      nokogiri (~> 1.8, >= 1.8.4)
    pry (0.12.2)
      coderay (~> 1.1.0)
      method_source (~> 0.9.0)
    public_suffix (4.0.1)
    rake (12.3.3)
    redcarpet (3.5.0)
    safe_yaml (1.0.5)
    simplecov (0.16.1)
      docile (~> 1.1)
      json (>= 1.8, < 3)
      simplecov-html (~> 0.10.0)
    simplecov-html (0.10.2)
    term-ansicolor (1.7.1)
      tins (~> 1.0)
    thor (0.20.3)
    tins (1.21.1)
    webmock (3.7.5)
      addressable (>= 2.3.6)
      crack (>= 0.3.2)
      hashdiff (>= 0.4.0, < 2.0.0)
    yard (0.9.20)

PLATFORMS
  ruby

DEPENDENCIES
  bundler (>= 1.3)
  coveralls
  css_parser!
  jruby-openssl
  maxitest
  nokogiri (~> 1.8.2)
  nokogumbo
  premailer!
  pry
  rake (> 0.8, != 0.9.0)
  redcarpet (~> 3.0)
  webmock
  yard (~> 0.9.11)

BUNDLED WITH
   1.17.3
